PATH
  remote: .
  specs:
    convertible (0.0.1)
      httparty

GEM
  remote: http://rubygems.org/
  specs:
    crack (0.1.8)
    httparty (0.7.8)
      crack (= 0.1.8)
    rake (0.9.2)

PLATFORMS
  ruby

DEPENDENCIES
  convertible!
  rake
